GIT
  remote: git://github.com/HipByte/motion-gradle.git
  revision: 835f8c0b2ac13e4760a87c90c132350de6e44bab
  specs:
    motion-gradle (1.4.0)

PATH
  remote: .
  specs:
    bluepotion (0.1.7)

GEM
  remote: https://rubygems.org/
  specs:
    PackingPeanut (1.1.0)
      moran
    moran (0.6.5)
      motion-gradle
    motion-async (0.6)
    newclear (1.3)
      reset-sim
    rake (10.4.2)
    reset-sim (1.0)

PLATFORMS
  ruby

DEPENDENCIES
  PackingPeanut
  bluepotion!
  moran
  motion-async
  motion-gradle!
  newclear
  rake
