GIT
  remote: git://github.com/darinwilson/moran.git
  revision: fcfff1e2fcd5db995498c1133d0155c014fc7218
  specs:
    moran (0.8)
      motion-gradle (~> 2.0)

PATH
  remote: .
  specs:
    bluepotion (0.1.7)

GEM
  remote: https://rubygems.org/
  specs:
    PackingPeanut (1.2.0)
      moran
    motion-async (0.6)
    motion-gradle (2.0.1)
    newclear (1.3)
      reset-sim
    rake (11.1.2)
    reset-sim (1.1.1)
    swiss_db (1.0.0)

PLATFORMS
  ruby

DEPENDENCIES
  PackingPeanut
  bluepotion!
  moran!
  motion-async
  motion-gradle (~> 2.0.0)
  newclear
  rake
  swiss_db

BUNDLED WITH
   1.11.2
